GEM
  remote: http://rubygems.org/
  specs:
    coderay (1.0.8)
    git (1.2.5)
    jeweler (1.6.2)
      bundler (~> 1.0)
      git (>= 1.2.5)
      rake
    method_source (0.8.1)
    pry (0.9.10)
      coderay (~> 1.0.5)
      method_source (~> 0.8)
      slop (~> 3.3.1)
    pry (0.9.10-java)
      coderay (~> 1.0.5)
      method_source (~> 0.8)
      slop (~> 3.3.1)
      spoon (~> 0.0)
    rake (0.9.2)
    rdoc (3.6.1)
    slop (3.3.3)
    spoon (0.0.1)

PLATFORMS
  java
  ruby

DEPENDENCIES
  bundler (~> 1.0.0)
  jeweler (~> 1.6.2)
  pry
  rdoc
